GEM
  remote: https://rubygems.org/
  specs:
    aws-eventstream (1.2.0)
    aws-partitions (1.636.0)
    aws-sdk-core (3.154.0)
      aws-eventstream (~> 1, >= 1.0.2)
      aws-partitions (~> 1, >= 1.525.0)
      aws-sigv4 (~> 1.1)
      jmespath (~> 1, >= 1.6.1)
    aws-sdk-dynamodb (1.77.0)
      aws-sdk-core (~> 3, >= 3.127.0)
      aws-sigv4 (~> 1.1)
    aws-sigv4 (1.5.1)
      aws-eventstream (~> 1, >= 1.0.2)
    jmespath (1.6.1)
    json (2.6.2)
    rakuten_web_service (1.13.1)
      json (~> 2.3)

PLATFORMS
  ruby

DEPENDENCIES
  aws-sdk-dynamodb
  rakuten_web_service

BUNDLED WITH
   2.1.4
